GEM
  remote: https://rubygems.org/
  specs:
    path (2.0.1)

PLATFORMS
  x86_64-linux

DEPENDENCIES
  path

BUNDLED WITH
   2.3.26
